PATH
  remote: .
  specs:
    zuppler (0.9.11)
      active_attr
      hashie
      httparty
      multi_json
      omniauth-oauth2
      retriable

GEM
  remote: https://rubygems.org/
  specs:
    active_attr (0.10.2)
      activemodel (>= 3.0.2, < 5.2)
      activesupport (>= 3.0.2, < 5.2)
    activemodel (5.1.4)
      activesupport (= 5.1.4)
    activesupport (5.1.4)
      concurrent-ruby (~> 1.0, >= 1.0.2)
      i18n (~> 0.7)
      minitest (~> 5.1)
      tzinfo (~> 1.1)
    addressable (2.5.2)
      public_suffix (>= 2.0.2, < 4.0)
    ast (2.3.0)
    backports (3.10.3)
    builder (3.2.3)
    codeclimate-test-reporter (1.0.8)
      simplecov (<= 0.13)
    coderay (1.1.2)
    concurrent-ruby (1.0.5)
    coveralls (0.8.19)
      json (>= 1.8, < 3)
      simplecov (~> 0.12.0)
      term-ansicolor (~> 1.3)
      thor (~> 0.19.1)
      tins (~> 1.6)
    crack (0.4.3)
      safe_yaml (~> 1.0.0)
    cucumber (3.0.1)
      builder (>= 2.1.2)
      cucumber-core (~> 3.0.0)
      cucumber-expressions (~> 4.0.3)
      cucumber-wire (~> 0.0.1)
      diff-lcs (~> 1.3)
      gherkin (~> 4.0)
      multi_json (>= 1.7.5, < 2.0)
      multi_test (>= 0.1.2)
    cucumber-core (3.0.0)
      backports (>= 3.8.0)
      cucumber-tag_expressions (>= 1.0.1)
      gherkin (>= 4.1.3)
    cucumber-expressions (4.0.4)
    cucumber-tag_expressions (1.0.1)
    cucumber-wire (0.0.1)
    diff-lcs (1.3)
    docile (1.1.5)
    ethon (0.10.1)
      ffi (>= 1.3.0)
    faker (1.8.4)
      i18n (~> 0.5)
    faraday (0.12.2)
      multipart-post (>= 1.2, < 3)
    ffi (1.9.18)
    formatador (0.2.5)
    furious (0.1.0)
      typhoeus (~> 0.7)
    gherkin (4.1.3)
    guard (2.14.1)
      formatador (>= 0.2.4)
      listen (>= 2.7, < 4.0)
      lumberjack (~> 1.0)
      nenv (~> 0.1)
      notiffany (~> 0.0)
      pry (>= 0.9.12)
      shellany (~> 0.0)
      thor (>= 0.18.1)
    guard-compat (1.2.1)
    guard-cucumber (1.5.4)
      cucumber (>= 1.3.0)
      guard-compat (~> 1.0)
      nenv (~> 0.1)
    guard-rspec (4.7.3)
      guard (~> 2.1)
      guard-compat (~> 1.1)
      rspec (>= 2.99.0, < 4.0)
    hashdiff (0.3.7)
    hashie (3.5.6)
    httparty (0.15.6)
      multi_xml (>= 0.5.2)
    i18n (0.9.0)
      concurrent-ruby (~> 1.0)
    json (2.1.0)
    jwt (1.5.6)
    listen (3.1.5)
      rb-fsevent (~> 0.9, >= 0.9.4)
      rb-inotify (~> 0.9, >= 0.9.7)
      ruby_dep (~> 1.2)
    lumberjack (1.0.12)
    method_source (0.9.0)
    minitest (5.10.3)
    multi_json (1.12.2)
    multi_test (0.1.2)
    multi_xml (0.6.0)
    multipart-post (2.0.0)
    nenv (0.3.0)
    notiffany (0.1.1)
      nenv (~> 0.1)
      shellany (~> 0.0)
    oauth2 (1.4.0)
      faraday (>= 0.8, < 0.13)
      jwt (~> 1.0)
      multi_json (~> 1.3)
      multi_xml (~> 0.5)
      rack (>= 1.2, < 3)
    omniauth (1.7.1)
      hashie (>= 3.4.6, < 3.6.0)
      rack (>= 1.6.2, < 3)
    omniauth-oauth2 (1.4.0)
      oauth2 (~> 1.0)
      omniauth (~> 1.2)
    parallel (1.12.0)
    parser (2.4.0.0)
      ast (~> 2.2)
    powerpack (0.1.1)
    pry (0.11.2)
      coderay (~> 1.1.0)
      method_source (~> 0.9.0)
    public_suffix (3.0.0)
    rack (2.0.3)
    rainbow (2.2.2)
      rake
    rake (12.1.0)
    rb-fsevent (0.10.2)
    rb-inotify (0.9.10)
      ffi (>= 0.5.0, < 2)
    retriable (3.1.1)
    rspec (3.7.0)
      rspec-core (~> 3.7.0)
      rspec-expectations (~> 3.7.0)
      rspec-mocks (~> 3.7.0)
    rspec-core (3.7.0)
      rspec-support (~> 3.7.0)
    rspec-expectations (3.7.0)
      diff-lcs (>= 1.2.0, < 2.0)
      rspec-support (~> 3.7.0)
    rspec-mocks (3.7.0)
      diff-lcs (>= 1.2.0, < 2.0)
      rspec-support (~> 3.7.0)
    rspec-support (3.7.0)
    rubocop (0.51.0)
      parallel (~> 1.10)
      parser (>= 2.3.3.1, < 3.0)
      powerpack (~> 0.1)
      rainbow (>= 2.2.2, < 3.0)
      ruby-progressbar (~> 1.7)
      unicode-display_width (~> 1.0, >= 1.0.1)
    ruby-progressbar (1.9.0)
    ruby_dep (1.5.0)
    safe_yaml (1.0.4)
    shellany (0.0.1)
    shoulda-matchers (3.1.2)
      activesupport (>= 4.0.0)
    simplecov (0.12.0)
      docile (~> 1.1.0)
      json (>= 1.8, < 3)
      simplecov-html (~> 0.10.0)
    simplecov-html (0.10.2)
    term-ansicolor (1.6.0)
      tins (~> 1.0)
    thor (0.19.4)
    thread_safe (0.3.6)
    tins (1.15.0)
    typhoeus (0.8.0)
      ethon (>= 0.8.0)
    tzinfo (1.2.3)
      thread_safe (~> 0.1)
    unicode-display_width (1.3.0)
    vcr (3.0.3)
    webmock (3.1.0)
      addressable (>= 2.3.6)
      crack (>= 0.3.2)
      hashdiff

PLATFORMS
  ruby

DEPENDENCIES
  bundler
  codeclimate-test-reporter
  coveralls
  cucumber
  faker
  furious
  guard
  guard-cucumber
  guard-rspec
  rake
  rspec (~> 3.0)
  rubocop
  shoulda-matchers
  vcr
  webmock
  zuppler!

RUBY VERSION
   ruby 2.3.4p301

BUNDLED WITH
   1.16.0.pre.3
